GEM
  remote: http://rubygems.org/
  specs:
    json-schema (2.2.5)

PLATFORMS
  ruby

DEPENDENCIES
  json-schema
